GEM
  remote: https://rubygems.org/
  specs:
    coderay (1.1.2)
    elasticsearch (7.4.0)
      elasticsearch-api (= 7.4.0)
      elasticsearch-transport (= 7.4.0)
    elasticsearch-api (7.4.0)
      multi_json
    elasticsearch-transport (7.4.0)
      faraday
      multi_json
    faraday (1.0.0)
      multipart-post (>= 1.2, < 3)
    json (2.3.0)
    logger (1.4.2)
    method_source (0.9.2)
    multi_json (1.14.1)
    multipart-post (2.1.1)
    pry (0.12.2)
      coderay (~> 1.1.0)
      method_source (~> 0.9.0)
    rainbow (3.0.0)

PLATFORMS
  ruby

DEPENDENCIES
  elasticsearch
  json
  logger
  pry
  rainbow

BUNDLED WITH
   1.16.1
