GEM
  remote: https://rubygems.org/
  specs:
    json (2.3.0)

PLATFORMS
  ruby

DEPENDENCIES
  json (~> 2.3)

BUNDLED WITH
   2.0.1
